GEM
  remote: https://rubygems.org/
  specs:
    abstract_command (0.0.6)
    isna (0.0.4)
    ona (1.0.1)

PLATFORMS
  x86_64-darwin-20

DEPENDENCIES
  abstract_command (= 0.0.6)
  isna (= 0.0.4)
  ona (= 1.0.1)

BUNDLED WITH
   2.4.14
